GEM
  remote: https://rubygems.org/
  specs:
    addressable (2.3.8)
    faraday (0.9.1)
      multipart-post (>= 1.2, < 3)
    multipart-post (2.0.0)
    mysql2 (0.4.6)
    octokit (4.1.1)
      sawyer (~> 0.6.0, >= 0.5.3)
    sawyer (0.6.0)
      addressable (~> 2.3.5)
      faraday (~> 0.8, < 0.10)
    sequel (4.26.0)
    sqlite3 (1.3.10)

PLATFORMS
  ruby

DEPENDENCIES
  mysql2
  octokit
  sequel
  sqlite3

BUNDLED WITH
   1.10.6
